PATH
  remote: .
  specs:
    auto-correct (0.4.0)
      ffi
      nokogiri (>= 1.4)

GEM
  remote: https://rubygems.org/
  specs:
    activesupport (6.0.2.1)
      concurrent-ruby (~> 1.0, >= 1.0.2)
      i18n (>= 0.7, < 2)
      minitest (~> 5.1)
      tzinfo (~> 1.1)
      zeitwerk (~> 2.2)
    benchmark-ips (2.8.2)
    concurrent-ruby (1.1.5)
    ffi (1.12.2)
    i18n (1.8.0)
      concurrent-ruby (~> 1.0)
    mini_portile2 (2.4.0)
    minitest (5.13.0)
    nokogiri (1.10.9)
      mini_portile2 (~> 2.4.0)
    rake (13.0.1)
    thread_safe (0.3.6)
    tzinfo (1.2.6)
      thread_safe (~> 0.1)
    zeitwerk (2.2.2)

PLATFORMS
  ruby

DEPENDENCIES
  activesupport
  auto-correct!
  benchmark-ips
  minitest
  rake

BUNDLED WITH
   2.1.4
